GEM
  remote: https://rubygems.org/
  specs:
    addressable (2.3.8)
    capybara (2.7.1)
      addressable
      mime-types (>= 1.16)
      nokogiri (>= 1.3.3)
      rack (>= 1.0.0)
      rack-test (>= 0.5.4)
      xpath (~> 2.0)
    clap (1.0.0)
    cliver (0.3.2)
    cuba (3.5.0)
      rack (~> 1.6.0)
    cuba-sass (1.0.0)
      cuba (~> 3.3)
      sass (~> 3.4)
    cutest (1.2.3)
      clap
    dotenv (2.1.0)
    json (1.8.3)
    mime-types (1.25.1)
    mini_portile2 (2.0.0)
    multi_json (1.12.0)
    nokogiri (1.6.7.2)
      mini_portile2 (~> 2.0.0.rc2)
    poltergeist (1.9.0)
      capybara (~> 2.1)
      cliver (~> 0.3.1)
      multi_json (~> 1.0)
      websocket-driver (>= 0.2.0)
    rack (1.6.4)
    rack-test (0.6.3)
      rack (>= 1.0)
    rest-client (1.6.9)
      mime-types (~> 1.16)
    sass (3.4.21)
    slim (3.0.6)
      temple (~> 0.7.3)
      tilt (>= 1.3.3, < 2.1)
    temple (0.7.6)
    tilt (2.0.2)
    unirest (1.1.2)
      addressable (~> 2.3.5)
      json (~> 1.8.1)
      rest-client (~> 1.6.7)
    websocket-driver (0.6.3)
      websocket-extensions (>= 0.1.0)
    websocket-extensions (0.1.2)
    xpath (2.0.0)
      nokogiri (~> 1.3)

PLATFORMS
  ruby

DEPENDENCIES
  capybara
  cuba
  cuba-sass
  cutest
  dotenv
  json
  poltergeist
  slim
  unirest

BUNDLED WITH
   1.11.2
