GEM
  remote: https://rubygems.org/
  specs:
    addressable (2.3.8)
    clap (1.0.0)
    cuba (3.5.0)
      rack (~> 1.6.0)
    cuba-sass (1.0.0)
      cuba (~> 3.3)
      sass (~> 3.4)
    cutest (1.2.3)
      clap
    dotenv (2.1.0)
    json (1.8.3)
    mime-types (1.25.1)
    rack (1.6.4)
    rest-client (1.6.9)
      mime-types (~> 1.16)
    sass (3.4.21)
    slim (3.0.6)
      temple (~> 0.7.3)
      tilt (>= 1.3.3, < 2.1)
    temple (0.7.6)
    tilt (2.0.2)
    unirest (1.1.2)
      addressable (~> 2.3.5)
      json (~> 1.8.1)
      rest-client (~> 1.6.7)

PLATFORMS
  ruby

DEPENDENCIES
  cuba
  cuba-sass
  cutest
  dotenv
  json
  slim
  unirest

BUNDLED WITH
   1.10.6
